GIT
  remote: https://github.com/statianzo/que-web.git
  revision: d663559b46f0afa9215a1cb8a0e2418197b66342
  specs:
    que-web (0.9.3)
      que (~> 1.0.0.beta3)
      sinatra

GIT
  remote: https://github.com/swrobel/bootstrap-email.git
  revision: ac9012621204564192acf5b4acb898195e4dd456
  branch: align-utilities
  specs:
    bootstrap-email (0.3.2)
      actionmailer (>= 3)
      nokogiri (~> 1.6)
      premailer-rails (~> 1.9)
      rails (>= 3)

GIT
  remote: https://github.com/swrobel/double_entry.git
  revision: 194ec1948e95d80a35eff01d2576d281d59633a0
  specs:
    double_entry (2.0.0.beta4)
      activerecord (>= 3.2.0)
      activesupport (>= 3.2.0)
      money (>= 6.0.0)
      railties (>= 3.2.0)

GIT
  remote: https://github.com/swrobel/friendly_id.git
  revision: e4382199919a603679df0cf94dba74630f341879
  branch: non-distinct-history
  specs:
    friendly_id (5.4.0)
      activerecord (>= 4.0.0)

GIT
  remote: https://github.com/swrobel/guard-rubocop.git
  revision: 7c1c48067999f2529566866c34c6cd184346063c
  specs:
    guard-rubocop (1.4.0)
      guard (~> 2.0)
      rubocop (< 2.0)

GIT
  remote: https://github.com/swrobel/nilify_blanks.git
  revision: 33fe3904e38b01b11fc4452ba434d9f210963179
  specs:
    nilify_blanks (1.3.0)
      activerecord (>= 3.0.0)
      activesupport (>= 3.0.0)

GIT
  remote: https://github.com/swrobel/rack-toolbar.git
  revision: 4b270b459439a17781cd9657fdf2d0c64b714806
  branch: rails-pages
  specs:
    rack-toolbar (0.1.4)

GIT
  remote: https://github.com/swrobel/stripe-ruby-mock.git
  revision: 8ad1be6da02a411240e1511717870b92c6dca3bc
  specs:
    stripe-ruby-mock (3.1.0.rc2)
      dante (>= 0.2.0)
      multi_json (~> 1.0)
      stripe (> 5, < 6)

GEM
  remote: https://rubygems.org/
  specs:
    aasm (5.2.0)
      concurrent-ruby (~> 1.0)
    actioncable (6.1.4)
      actionpack (= 6.1.4)
      activesupport (= 6.1.4)
      nio4r (~> 2.0)
      websocket-driver (>= 0.6.1)
    actionmailbox (6.1.4)
      actionpack (= 6.1.4)
      activejob (= 6.1.4)
      activerecord (= 6.1.4)
      activestorage (= 6.1.4)
      activesupport (= 6.1.4)
      mail (>= 2.7.1)
    actionmailer (6.1.4)
      actionpack (= 6.1.4)
      actionview (= 6.1.4)
      activejob (= 6.1.4)
      activesupport (= 6.1.4)
      mail (~> 2.5, >= 2.5.4)
      rails-dom-testing (~> 2.0)
    actionpack (6.1.4)
      actionview (= 6.1.4)
      activesupport (= 6.1.4)
      rack (~> 2.0, >= 2.0.9)
      rack-test (>= 0.6.3)
      rails-dom-testing (~> 2.0)
      rails-html-sanitizer (~> 1.0, >= 1.2.0)
    actionpack-cloudflare (1.1.0)
      actionpack (>= 3.2)
    actiontext (6.1.4)
      actionpack (= 6.1.4)
      activerecord (= 6.1.4)
      activestorage (= 6.1.4)
      activesupport (= 6.1.4)
      nokogiri (>= 1.8.5)
    actionview (6.1.4)
      activesupport (= 6.1.4)
      builder (~> 3.1)
      erubi (~> 1.4)
      rails-dom-testing (~> 2.0)
      rails-html-sanitizer (~> 1.1, >= 1.2.0)
    active_model_serializers (0.10.12)
      actionpack (>= 4.1, < 6.2)
      activemodel (>= 4.1, < 6.2)
      case_transform (>= 0.2)
      jsonapi-renderer (>= 0.1.1.beta1, < 0.3)
    activejob (6.1.4)
      activesupport (= 6.1.4)
      globalid (>= 0.3.6)
    activemodel (6.1.4)
      activesupport (= 6.1.4)
    activerecord (6.1.4)
      activemodel (= 6.1.4)
      activesupport (= 6.1.4)
    activestorage (6.1.4)
      actionpack (= 6.1.4)
      activejob (= 6.1.4)
      activerecord (= 6.1.4)
      activesupport (= 6.1.4)
      marcel (~> 1.0.0)
      mini_mime (>= 1.1.0)
    activesupport (6.1.4)
      concurrent-ruby (~> 1.0, >= 1.0.2)
      i18n (>= 1.6, < 2)
      minitest (>= 5.1)
      tzinfo (~> 2.0)
      zeitwerk (~> 2.3)
    addressable (2.7.0)
      public_suffix (>= 2.0.2, < 5.0)
    after_commit_everywhere (1.0.0)
      activerecord (>= 4.2)
    argon2 (2.0.3)
      ffi (~> 1.14)
      ffi-compiler (~> 1.0)
    ast (2.4.2)
    awesome_print (1.9.2)
    aws-eventstream (1.1.1)
    aws-partitions (1.471.0)
    aws-sdk-core (3.115.0)
      aws-eventstream (~> 1, >= 1.0.2)
      aws-partitions (~> 1, >= 1.239.0)
      aws-sigv4 (~> 1.1)
      jmespath (~> 1.0)
    aws-sdk-kms (1.44.0)
      aws-sdk-core (~> 3, >= 3.112.0)
      aws-sigv4 (~> 1.1)
    aws-sdk-s3 (1.96.1)
      aws-sdk-core (~> 3, >= 3.112.0)
      aws-sdk-kms (~> 1)
      aws-sigv4 (~> 1.1)
    aws-sigv4 (1.2.3)
      aws-eventstream (~> 1, >= 1.0.2)
    babel-source (5.8.35)
    babel-transpiler (0.7.0)
      babel-source (>= 4.0, < 6)
      execjs (~> 2.0)
    bcrypt (3.1.16)
    bindex (0.8.1)
    bootstrap_form (4.5.0)
      actionpack (>= 5.2)
      activemodel (>= 5.2)
    brakeman (5.0.4)
    brotli (0.4.0)
    bugsnag (6.21.0)
      concurrent-ruby (~> 1.0)
    builder (3.2.4)
    business (1.18.0)
    byebug (11.1.3)
    capybara (3.35.3)
      addressable
      mini_mime (>= 0.1.3)
      nokogiri (~> 1.8)
      rack (>= 1.6.0)
      rack-test (>= 0.6.3)
      regexp_parser (>= 1.5, < 3.0)
      xpath (~> 3.2)
    case_transform (0.2)
      activesupport
    childprocess (3.0.0)
    codecov (0.5.2)
      simplecov (>= 0.15, < 0.22)
    coderay (1.1.3)
    colorize (0.8.1)
    concurrent-ruby (1.1.9)
    connection_pool (2.2.5)
    crass (1.0.6)
    css_parser (1.9.0)
      addressable
    dante (0.2.0)
    devise (4.8.0)
      bcrypt (~> 3.0)
      orm_adapter (~> 0.1)
      railties (>= 4.1.0)
      responders
      warden (~> 1.2.3)
    devise_invitable (2.0.5)
      actionmailer (>= 5.0)
      devise (>= 4.6)
    diff-lcs (1.4.4)
    docile (1.4.0)
    dotenv (2.7.6)
    em-proxy (0.1.9)
      eventmachine
    email_reply_parser (0.5.10)
    errbase (0.2.1)
    erubi (1.10.0)
    eventmachine (1.0.9.1)
    execjs (2.8.1)
    fabrication (2.22.0)
    faker (2.18.0)
      i18n (>= 1.6, < 2)
    faraday (1.4.3)
      faraday-em_http (~> 1.0)
      faraday-em_synchrony (~> 1.0)
      faraday-excon (~> 1.1)
      faraday-net_http (~> 1.0)
      faraday-net_http_persistent (~> 1.1)
      multipart-post (>= 1.2, < 3)
      ruby2_keywords (>= 0.0.4)
    faraday-em_http (1.0.0)
    faraday-em_synchrony (1.0.0)
    faraday-excon (1.1.0)
    faraday-net_http (1.0.1)
    faraday-net_http_persistent (1.1.0)
    faraday_middleware (1.0.0)
      faraday (~> 1.0)
    fast_blank (1.0.0)
    ffi (1.15.3)
    ffi-compiler (1.0.1)
      ffi (>= 1.0.0)
      rake
    formatador (0.3.0)
    gindex (0.2.0)
      railties (>= 5)
    globalid (0.4.2)
      activesupport (>= 4.2.0)
    goldiloader (4.1.0)
      activerecord (>= 5.2, < 7.1)
      activesupport (>= 5.2, < 7.1)
    guard (2.17.0)
      formatador (>= 0.2.4)
      listen (>= 2.7, < 4.0)
      lumberjack (>= 1.0.12, < 2.0)
      nenv (~> 0.1)
      notiffany (~> 0.0)
      pry (>= 0.9.12)
      shellany (~> 0.0)
      thor (>= 0.18.1)
    guard-compat (1.2.1)
    guard-rspec (4.7.3)
      guard (~> 2.1)
      guard-compat (~> 1.1)
      rspec (>= 2.99.0, < 4.0)
    guard-shell (0.7.2)
      guard (>= 2.0.0)
      guard-compat (~> 1.0)
    guard-slimlint (1.3.2)
      colorize (~> 0.8.1)
      guard (~> 2.14, >= 2.14.2)
      guard-compat (~> 1.2, >= 1.2.1)
      slim_lint (~> 0.15)
    hamster (3.0.0)
      concurrent-ruby (~> 1.0)
    hashie (4.1.0)
    htmlentities (4.3.4)
    http-parser-lite (0.6.0)
    i18n (1.8.10)
      concurrent-ruby (~> 1.0)
    iniparse (1.5.0)
    intercom (3.9.5)
    intercom-rails (0.4.2)
      activesupport (> 3.0)
    invoker (1.5.8)
      colorize (~> 0.8.1)
      dotenv (~> 2.0, != 2.4.0, != 2.3.0)
      em-proxy (~> 0.1)
      eventmachine (~> 1.0.4)
      formatador (~> 0.2)
      http-parser-lite (~> 0.6)
      iniparse (~> 1.1)
      rubydns (~> 0.8.5)
      thor (>= 0.19, < 2)
      uuid (~> 2.3)
    jmespath (1.4.0)
    jose (1.1.3)
      hamster
    jsonapi-renderer (0.2.2)
    jsonb_accessor (1.3.2)
      activerecord (>= 5.0)
      activesupport (>= 5.0)
      pg (>= 0.18.1)
    jwt (2.2.3)
    kaminari (1.2.1)
      activesupport (>= 4.1.0)
      kaminari-actionview (= 1.2.1)
      kaminari-activerecord (= 1.2.1)
      kaminari-core (= 1.2.1)
    kaminari-actionview (1.2.1)
      actionview
      kaminari-core (= 1.2.1)
    kaminari-activerecord (1.2.1)
      activerecord
      kaminari-core (= 1.2.1)
    kaminari-core (1.2.1)
    libnotify (0.9.4)
      ffi (>= 1.0.11)
    listen (3.1.5)
      rb-fsevent (~> 0.9, >= 0.9.4)
      rb-inotify (~> 0.9, >= 0.9.7)
      ruby_dep (~> 1.2)
    logidze (1.2.0)
      activerecord (>= 5.0)
      railties (>= 5.0)
      ruby-next-core (~> 0.9)
    lograge (0.11.2)
      actionpack (>= 4)
      activesupport (>= 4)
      railties (>= 4)
      request_store (~> 1.0)
    loofah (2.10.0)
      crass (~> 1.0.2)
      nokogiri (>= 1.5.9)
    lumberjack (1.2.8)
    macaddr (1.7.2)
      systemu (~> 2.6.5)
    mail (2.7.1)
      mini_mime (>= 0.1.1)
    marcel (1.0.1)
    memery (1.4.1)
      ruby2_keywords (~> 0.0.2)
    method_source (1.0.0)
    mini_mime (1.1.0)
    mini_portile2 (2.5.3)
    minitest (5.14.4)
    monetize (1.9.4)
      money (~> 6.12)
    money (6.13.8)
      i18n (>= 0.6.4, <= 2)
    money-rails (1.14.0)
      activesupport (>= 3.0)
      monetize (~> 1.9.0)
      money (~> 6.13.2)
      railties (>= 3.0)
    more_possessive (1.0.2)
    multi_json (1.15.0)
    multipart-post (2.1.1)
    mustermann (1.1.1)
      ruby2_keywords (~> 0.0.1)
    nenv (0.3.0)
    newrelic_rpm (7.1.0)
    nio4r (2.5.7)
    nokogiri (1.11.7)
      mini_portile2 (~> 2.5.0)
      racc (~> 1.4)
    nokogiri (1.11.7-x86_64-darwin)
      racc (~> 1.4)
    norobots (0.2.0)
    notiffany (0.1.3)
      nenv (~> 0.1)
      shellany (~> 0.0)
    oj (3.11.7)
    orm_adapter (0.5.0)
    overcommit (0.58.0)
      childprocess (>= 0.6.3, < 5)
      iniparse (~> 1.4)
      rexml (~> 3.2)
    parallel (1.20.1)
    parser (3.0.1.1)
      ast (~> 2.4.1)
    partially_useful (6.0.0)
      railties (>= 4.1)
    pg (1.2.3)
    pg_search (2.3.5)
      activerecord (>= 5.2)
      activesupport (>= 5.2)
    pgreset (0.3)
    plaid (12.0.0)
      faraday
      faraday_middleware
      hashie (>= 3.4.3)
    premailer (1.15.0)
      addressable
      css_parser (>= 1.6.0)
      htmlentities (>= 4.0.0)
    premailer-rails (1.11.1)
      actionmailer (>= 3)
      premailer (~> 1.7, >= 1.7.9)
    pretender (0.3.4)
      actionpack (>= 4.2)
    pry (0.14.1)
      coderay (~> 1.1)
      method_source (~> 1.0)
    public_suffix (4.0.6)
    puma (5.3.2)
      nio4r (~> 2.0)
    que (1.0.0.beta4)
    racc (1.5.2)
    rack (2.2.3)
    rack-brotli (1.1.0)
      brotli (>= 0.1.7)
      rack (>= 1.4)
    rack-protection (2.1.0)
      rack
    rack-proxy (0.7.0)
      rack
    rack-test (1.1.0)
      rack (>= 1.0, < 3)
    rails (6.1.4)
      actioncable (= 6.1.4)
      actionmailbox (= 6.1.4)
      actionmailer (= 6.1.4)
      actionpack (= 6.1.4)
      actiontext (= 6.1.4)
      actionview (= 6.1.4)
      activejob (= 6.1.4)
      activemodel (= 6.1.4)
      activerecord (= 6.1.4)
      activestorage (= 6.1.4)
      activesupport (= 6.1.4)
      bundler (>= 1.15.0)
      railties (= 6.1.4)
      sprockets-rails (>= 2.0.0)
    rails-controller-testing (1.0.5)
      actionpack (>= 5.0.1.rc1)
      actionview (>= 5.0.1.rc1)
      activesupport (>= 5.0.1.rc1)
    rails-dom-testing (2.0.3)
      activesupport (>= 4.2.0)
      nokogiri (>= 1.6)
    rails-html-sanitizer (1.3.0)
      loofah (~> 2.3)
    railties (6.1.4)
      actionpack (= 6.1.4)
      activesupport (= 6.1.4)
      method_source
      rake (>= 0.13)
      thor (~> 1.0)
    rainbow (3.0.0)
    rake (13.0.3)
    rb-fsevent (0.11.0)
    rb-inotify (0.10.1)
      ffi (~> 1.0)
    react-rails (2.6.1)
      babel-transpiler (>= 0.7.0)
      connection_pool
      execjs
      railties (>= 3.2)
      tilt
    redcarpet (3.5.1)
    referral (0.0.5)
    regexp_parser (2.1.1)
    request_store (1.5.0)
      rack (>= 1.4)
    require_all (3.0.0)
    responders (3.0.1)
      actionpack (>= 5.0)
      railties (>= 5.0)
    rexml (3.2.5)
    route_downcaser (1.2.3)
      activesupport (>= 3.2)
    rspec (3.10.0)
      rspec-core (~> 3.10.0)
      rspec-expectations (~> 3.10.0)
      rspec-mocks (~> 3.10.0)
    rspec-core (3.10.1)
      rspec-support (~> 3.10.0)
    rspec-expectations (3.10.1)
      diff-lcs (>= 1.2.0, < 2.0)
      rspec-support (~> 3.10.0)
    rspec-instafail (1.0.0)
      rspec
    rspec-mocks (3.10.2)
      diff-lcs (>= 1.2.0, < 2.0)
      rspec-support (~> 3.10.0)
    rspec-rails (5.0.1)
      actionpack (>= 5.2)
      activesupport (>= 5.2)
      railties (>= 5.2)
      rspec-core (~> 3.10)
      rspec-expectations (~> 3.10)
      rspec-mocks (~> 3.10)
      rspec-support (~> 3.10)
    rspec-support (3.10.2)
    rspec_junit_formatter (0.4.1)
      rspec-core (>= 2, < 4, != 2.12.0)
    rubocop (1.14.0)
      parallel (~> 1.10)
      parser (>= 3.0.0.0)
      rainbow (>= 2.2.2, < 4.0)
      regexp_parser (>= 1.8, < 3.0)
      rexml
      rubocop-ast (>= 1.5.0, < 2.0)
      ruby-progressbar (~> 1.7)
      unicode-display_width (>= 1.4.0, < 3.0)
    rubocop-ast (1.7.0)
      parser (>= 3.0.1.1)
    rubocop-daemon (0.3.2)
      rubocop
    rubocop-performance (1.11.2)
      rubocop (>= 1.7.0, < 2.0)
      rubocop-ast (>= 0.4.0)
    rubocop-rails (2.11.0)
      activesupport (>= 4.2.0)
      rack (>= 1.1)
      rubocop (>= 1.7.0, < 2.0)
    rubocop-rspec (2.4.0)
      rubocop (~> 1.0)
      rubocop-ast (>= 1.1.0)
    ruby-next-core (0.12.0)
    ruby-progressbar (1.11.0)
    ruby2_keywords (0.0.4)
    ruby_dep (1.5.0)
    rubydns (0.8.5)
      eventmachine (~> 1.0.0)
    rubyzip (2.3.0)
    safely_block (0.3.0)
      errbase (>= 0.1.1)
    sassc (2.4.0)
      ffi (~> 1.9)
    sassc-rails (2.1.2)
      railties (>= 4.0.0)
      sassc (>= 2.0)
      sprockets (> 3.0)
      sprockets-rails
      tilt
    selenium-webdriver (3.142.7)
      childprocess (>= 0.5, < 4.0)
      rubyzip (>= 1.2.2)
    semantic_range (3.0.0)
    shellany (0.0.1)
    shoulda-matchers (4.5.1)
      activesupport (>= 4.2.0)
    simplecov (0.21.2)
      docile (~> 1.1)
      simplecov-html (~> 0.11)
      simplecov_json_formatter (~> 0.1)
    simplecov-html (0.12.3)
    simplecov_json_formatter (0.1.3)
    sinatra (2.1.0)
      mustermann (~> 1.0)
      rack (~> 2.2)
      rack-protection (= 2.1.0)
      tilt (~> 2.0)
    slim (4.1.0)
      temple (>= 0.7.6, < 0.9)
      tilt (>= 2.0.6, < 2.1)
    slim-rails (3.2.0)
      actionpack (>= 3.1)
      railties (>= 3.1)
      slim (>= 3.0, < 5.0)
    slim_lint (0.21.1)
      rubocop (>= 0.78.0)
      slim (>= 3.0, < 5.0)
    sprockets (3.7.2)
      concurrent-ruby (~> 1.0)
      rack (> 1, < 3)
    sprockets-rails (3.2.2)
      actionpack (>= 4.0)
      activesupport (>= 4.0)
      sprockets (>= 3.0.0)
    standard (1.1.1)
      rubocop (= 1.14.0)
      rubocop-performance (= 1.11.2)
    stripe (5.34.0)
    strong_migrations (0.7.7)
      activerecord (>= 5)
    symbol-fstring (1.0.2)
    systemu (2.6.5)
    temple (0.8.2)
    terminal-notifier (2.0.0)
    terminal-notifier-guard (1.7.0)
    thor (1.1.0)
    tilt (2.0.10)
    trestle (0.9.5)
      activemodel (>= 4.2.0)
      kaminari (>= 1.1.0)
      railties (>= 4.2.0)
      sprockets-rails (>= 2.0.0)
    trestle-search (0.4.3)
      trestle (~> 0.9.0, >= 0.9.3)
    turbolinks (5.2.1)
      turbolinks-source (~> 5.2)
    turbolinks-source (5.2.0)
    tzinfo (2.0.4)
      concurrent-ruby (~> 1.0)
    unicode-display_width (2.0.0)
    uuid (2.3.9)
      macaddr (~> 1.0)
    warden (1.2.9)
      rack (>= 2.0.9)
    web-console (4.1.0)
      actionview (>= 6.0.0)
      activemodel (>= 6.0.0)
      bindex (>= 0.4.0)
      railties (>= 6.0.0)
    webdrivers (4.6.0)
      nokogiri (~> 1.6)
      rubyzip (>= 1.3.0)
      selenium-webdriver (>= 3.0, < 4.0)
    webpacker (5.4.0)
      activesupport (>= 5.2)
      rack-proxy (>= 0.6.1)
      railties (>= 5.2)
      semantic_range (>= 2.3.0)
    websocket-driver (0.7.5)
      websocket-extensions (>= 0.1.0)
    websocket-extensions (0.1.5)
    xpath (3.2.0)
      nokogiri (~> 1.8)
    zeitwerk (2.4.2)

PLATFORMS
  ruby
  x86_64-darwin-18
  x86_64-darwin-19

DEPENDENCIES
  aasm
  actionpack-cloudflare
  active_model_serializers (~> 0.10.0)
  after_commit_everywhere (~> 1.0)
  argon2
  awesome_print
  aws-sdk-s3
  bootstrap-email!
  bootstrap_form
  brakeman
  bugsnag
  business (~> 1.18.0)
  byebug
  capybara
  codecov
  colorize
  devise
  devise_invitable
  double_entry!
  email_reply_parser
  errbase
  fabrication
  faker
  fast_blank
  friendly_id!
  gindex
  goldiloader
  guard
  guard-rspec
  guard-rubocop!
  guard-shell
  guard-slimlint
  intercom (~> 3.9.5)
  intercom-rails
  invoker
  jose
  jsonb_accessor
  jwt
  libnotify
  listen (>= 3.0.5, < 3.2)
  logidze
  lograge
  memery
  money-rails
  more_possessive
  newrelic_rpm
  nilify_blanks!
  norobots
  oj
  overcommit!
  partially_useful
  pg (>= 0.18, < 2.0)
  pg_search
  pgreset
  plaid (~> 12.0)
  pretender
  puma
  que (~> 1.0.0.beta4)
  que-web!
  rack-brotli
  rack-toolbar!
  rails (~> 6.1.3)
  rails-controller-testing
  react-rails
  redcarpet
  referral
  require_all
  route_downcaser
  rspec-instafail
  rspec-rails
  rspec_junit_formatter
  rubocop!
  rubocop-daemon!
  rubocop-performance!
  rubocop-rails!
  rubocop-rspec!
  safely_block
  sassc-rails
  selenium-webdriver
  shoulda-matchers
  simplecov
  slim-rails
  slim_lint!
  sprockets (< 4.0)
  standard (> 1.0)!
  stripe
  stripe-ruby-mock!
  strong_migrations
  symbol-fstring (~> 1.0.2)
  terminal-notifier
  terminal-notifier-guard
  trestle
  trestle-search
  turbolinks (~> 5.2)
  tzinfo-data
  web-console
  webdrivers
  webpacker

RUBY VERSION
   ruby 2.7.3p183

BUNDLED WITH
   2.2.21
